GEM
  remote: http://rubygems.org/
  remote: http://gems.github.com/
  specs:
    Ascii85 (1.0.1)
    activesupport (3.1.0)
      multi_json (~> 1.0)
    dberkom-sinatra-prawn (0.9.2.2)
      prawn
    multi_json (1.0.3)
    pdf-reader (1.1.0)
      Ascii85 (~> 1.0.0)
      ruby-rc4
    prawn (0.12.0)
      pdf-reader (>= 0.9.0)
      ttfunk (~> 1.0.2)
    rack (1.4.1)
    rack-protection (1.2.0)
      rack
    ruby-rc4 (0.1.5)
    sinatra (1.3.2)
      rack (~> 1.3, >= 1.3.6)
      rack-protection (~> 1.2)
      tilt (~> 1.3, >= 1.3.3)
    tilt (1.3.3)
    ttfunk (1.0.3)

PLATFORMS
  ruby

DEPENDENCIES
  activesupport
  dberkom-sinatra-prawn
  prawn
  sinatra
